GEM
  remote: http://rubygems.org/
  specs:
    archive-tar-minitar (0.5.2)
    aws-sdk-core (2.0.0.rc14)
      builder (~> 3.0)
      jamespath (~> 0)
      multi_json (~> 1.0)
      multi_xml (~> 0.5)
    bcl (0.5.4)
      archive-tar-minitar
      builder
      faraday
      multi_json
      nokogiri
      roo
      rubyXL
      rubyzip
      uuid
      yamler
      zliby
    builder (3.2.2)
    colored (1.2)
    faraday (0.9.0)
      multipart-post (>= 1.2, < 3)
    git (1.2.8)
    jamespath (0.5.1)
    macaddr (1.7.1)
      systemu (~> 2.6.2)
    mini_portile (0.6.0)
    multi_json (1.10.1)
    multi_xml (0.5.5)
    multipart-post (2.0.0)
    net-scp (1.2.1)
      net-ssh (>= 2.6.5)
    net-ssh (2.9.1)
    nokogiri (1.6.3.1)
      mini_portile (= 0.6.0)
    nokogiri (1.6.3.1-x86-mingw32)
      mini_portile (= 0.6.0)
    openstudio-analysis (0.3.7)
      faraday (~> 0.8)
      roo (~> 1.12)
      rubyzip (~> 1.0)
      semantic (~> 1.3)
    openstudio-aws (0.2.2)
      aws-sdk-core (= 2.0.0.rc14)
      net-scp (~> 1.1)
      semantic (~> 1.3)
    rake (10.4.2)
    roo (1.13.2)
      nokogiri
      rubyzip
      spreadsheet (> 0.6.4)
    ruby-ole (1.2.11.7)
    rubyXL (3.2.3)
      nokogiri (>= 1.4.4)
      rubyzip (>= 1.1.6)
    rubyzip (1.1.6)
    semantic (1.3.0)
    spreadsheet (1.0.0)
      ruby-ole (>= 1.0)
    systemu (2.6.4)
    uuid (2.3.7)
      macaddr (~> 1.0)
    yamler (0.1.0)
    zliby (0.0.5)

PLATFORMS
  ruby
  x86-mingw32

DEPENDENCIES
  bcl (~> 0.5.4)
  colored (~> 1.2)
  git
  openstudio-analysis (~> 0.3.7)
  openstudio-aws (~> 0.2.2)
  rake (~> 10.4.2)
  rubyzip
